GEM
  remote: https://rubygems.org/
  specs:
    httparty (0.13.7)
      json (~> 1.8)
      multi_xml (>= 0.5.2)
    json (1.8.3)
    lingq (0.3.1)
      bundler
      httparty
    multi_xml (0.5.5)

PLATFORMS
  ruby

DEPENDENCIES
  lingq

BUNDLED WITH
   1.13.6
